GEM
  remote: https://rubygems.org/
  specs:
    httparty (0.16.2)
      multi_xml (>= 0.5.2)
    multi_xml (0.6.0)
    rake (12.3.1)

PLATFORMS
  ruby

DEPENDENCIES
  httparty
  rake

BUNDLED WITH
   1.16.1
